GEM
  remote: http://rubygems.org/
  specs:
    RedCloth (4.2.9)
    addressable (2.3.5)
    aws-sdk (1.11.1)
      json (~> 1.4)
      nokogiri (>= 1.4.4)
      uuidtools (~> 2.1)
    capistrano (2.15.5)
      highline
      net-scp (>= 1.0.0)
      net-sftp (>= 2.0.0)
      net-ssh (>= 2.0.14)
      net-ssh-gateway (>= 1.1.0)
    chunky_png (1.2.8)
    classifier (1.3.3)
      fast-stemmer (>= 1.0.0)
    cmdparse (2.0.5)
    colorator (0.1)
    commander (4.1.3)
      highline (~> 1.6.11)
    compass (0.12.2)
      chunky_png (~> 1.2)
      fssm (>= 0.2.7)
      sass (~> 3.1)
    directory_watcher (1.4.1)
    faraday (0.7.6)
      addressable (~> 2.2)
      multipart-post (~> 1.1)
      rack (~> 1.1)
    faraday-stack (0.1.5)
      faraday (>= 0.6, < 0.8)
    fast-stemmer (1.0.2)
    fssm (0.2.10)
    haml (3.1.8)
    highline (1.6.19)
    indextank (1.0.12)
      faraday-stack
      yajl-ruby (>= 0.7.7)
    jekyll (1.0.3)
      classifier (~> 1.3)
      colorator (~> 0.1)
      commander (~> 4.1.3)
      directory_watcher (~> 1.4.1)
      kramdown (~> 1.0.2)
      liquid (~> 2.3)
      maruku (~> 0.5)
      pygments.rb (~> 0.5.0)
      safe_yaml (~> 0.7.0)
    json (1.8.0)
    juicer (1.0.21)
      cmdparse
      nokogiri (>= 1.5.0)
      rubyzip
    kramdown (1.0.2)
    liquid (2.3.0)
    maruku (0.6.1)
      syntax (>= 1.0.0)
    mime-types (1.23)
    mini_portile (0.5.1)
    multipart-post (1.2.0)
    net-scp (1.1.2)
      net-ssh (>= 2.6.5)
    net-sftp (2.1.2)
      net-ssh (>= 2.6.5)
    net-ssh (2.6.8)
    net-ssh-gateway (1.2.0)
      net-ssh (>= 2.6.5)
    nokogiri (1.6.0)
      mini_portile (~> 0.5.0)
    posix-spawn (0.3.6)
    pygments.rb (0.5.2)
      posix-spawn (~> 0.3.6)
      yajl-ruby (~> 1.1.0)
    rack (1.4.5)
    rack-protection (1.5.0)
      rack
    rake (0.9.6)
    rb-fsevent (0.9.3)
    rdiscount (2.0.7.3)
    rubypants (0.2.0)
    rubyzip (0.9.9)
    s3-static-site (0.3.0)
      aws-sdk
      capistrano
      haml
      mime-types
    safe_yaml (0.7.1)
    sass (3.2.9)
    sinatra (1.3.6)
      rack (~> 1.4)
      rack-protection (~> 1.3)
      tilt (~> 1.3, >= 1.3.3)
    stringex (1.4.0)
    syntax (1.0.0)
    tilt (1.4.1)
    uuidtools (2.1.4)
    yajl-ruby (1.1.0)

PLATFORMS
  ruby

DEPENDENCIES
  RedCloth (~> 4.2.9)
  capistrano
  compass (~> 0.12.2)
  haml (~> 3.1.7)
  indextank
  jekyll (~> 1.0.3)
  juicer
  liquid (~> 2.3.0)
  nokogiri
  pygments.rb (~> 0.5.0)
  rack (~> 1.4.1)
  rake (~> 0.9.2)
  rb-fsevent (~> 0.9)
  rdiscount (~> 2.0.7)
  rubypants (~> 0.2.0)
  s3-static-site
  sinatra (~> 1.3.2)
  stringex (~> 1.4.0)
